GEM
  remote: https://rubygems.org/
  specs:
    hologram (1.4.0)
      redcarpet (>= 2.2, < 4.0)
      rouge (>= 1.5)
    redcarpet (3.3.4)
    rouge (2.0.2)

PLATFORMS
  ruby

DEPENDENCIES
  hologram (= 1.4)

BUNDLED WITH
   1.11.2
